{
    "TaskName": "itc",
    "Manufacturer": "Biosemi",
    "PowerLineFrequency": 60.0,
    "SamplingFrequency": 2048.0,
    "SoftwareFilters": "n/a",
    "RecordingDuration": 2674.99951171875,
    "RecordingType": "continuous",
    "EEGReference": "CMS",
    "EEGGround": "DRL",
    "EEGPlacementScheme": "based on the extended 10/20 system",
    "EEGChannelCount": 64,
    "EOGChannelCount": 0,
    "ECGChannelCount": 0,
    "EMGChannelCount": 0,
    "MiscChannelCount": 0,
    "TriggerChannelCount": 1,
    "ManufacturersModelName": "ActiveTwo"
}
